PATH
  remote: .
  specs:
    couchbase_lite_local (0.0.1-java)

GEM
  remote: https://rubygems.org/
  specs:
    jruby-jars (1.7.13)
    jruby-rack (1.1.14)
    rake (10.3.2)
    rubyzip (1.0.0)
    warbler (1.4.3)
      jruby-jars (>= 1.5.6, < 2.0)
      jruby-rack (>= 1.0.0)
      rake (>= 0.9.6)
      rubyzip (>= 0.9, < 1.1)

PLATFORMS
  java

DEPENDENCIES
  bundler (~> 1.3)
  couchbase_lite_local!
  rake
  warbler
